PATH
  remote: .
  specs:
    doit (0.3.6)
      micro-optparse (~> 1)

GEM
  remote: https://rubygems.org/
  specs:
    docile (1.3.2)
    json (2.2.0)
    micro-optparse (1.2.1)
    minitest (5.12.2)
    rake (13.0.0)
    simplecov (0.17.1)
      docile (~> 1.1)
      json (>= 1.8, < 3)
      simplecov-html (~> 0.10.0)
    simplecov-html (0.10.2)

PLATFORMS
  ruby

DEPENDENCIES
  bundler
  doit!
  micro-optparse (~> 1)
  minitest
  rake
  simplecov

BUNDLED WITH
   1.17.3
