PATH
  remote: .
  specs:
    doit (0.3.4)
      micro-optparse (~> 1)

GEM
  remote: https://rubygems.org/
  specs:
    bundle-audit (0.1.0)
      bundler-audit
    bundler-audit (0.6.0)
      bundler (~> 1.2)
      thor (~> 0.18)
    docile (1.3.1)
    erubis (2.7.0)
    flay (2.12.0)
      erubis (~> 2.7.0)
      path_expander (~> 1.0)
      ruby_parser (~> 3.0)
      sexp_processor (~> 4.0)
    json (2.1.0)
    license_finder (5.3.0)
      bundler
      rubyzip
      thor
      toml (= 0.2.0)
      with_env (= 1.1.0)
      xml-simple
    micro-optparse (1.2.1)
    minitest (5.11.3)
    parslet (1.8.2)
    path_expander (1.0.3)
    rake (12.3.1)
    ruby_parser (3.11.0)
      sexp_processor (~> 4.9)
    rubyzip (1.2.1)
    sexp_processor (4.11.0)
    simplecov (0.16.1)
      docile (~> 1.1)
      json (>= 1.8, < 3)
      simplecov-html (~> 0.10.0)
    simplecov-html (0.10.2)
    slim (3.0.9)
      temple (>= 0.7.6, < 0.9)
      tilt (>= 1.3.3, < 2.1)
    temple (0.8.0)
    thor (0.20.0)
    tilt (2.0.8)
    toml (0.2.0)
      parslet (~> 1.8.0)
    with_env (1.1.0)
    xml-simple (1.1.5)

PLATFORMS
  ruby

DEPENDENCIES
  bundle-audit
  bundler
  doit!
  flay
  license_finder
  minitest
  rake
  simplecov
  slim

RUBY VERSION
   ruby 2.5.1p57

BUNDLED WITH
   1.16.3
