PATH
  remote: .
  specs:
    doit (0.3.1)
      micro-optparse (~> 1)

GEM
  remote: https://rubygems.org/
  specs:
    micro-optparse (1.2.0)
    rake (12.0.0)
    slim (3.0.8)
      temple (>= 0.7.6, < 0.9)
      tilt (>= 1.3.3, < 2.1)
    temple (0.8.0)
    tilt (2.0.8)

PLATFORMS
  ruby

DEPENDENCIES
  bundler
  doit!
  rake
  slim

BUNDLED WITH
   1.15.3
