PATH
  remote: .
  specs:
    doit (0.3.5)
      micro-optparse (~> 1)

GEM
  remote: https://rubygems.org/
  specs:
    activemodel (5.2.1)
      activesupport (= 5.2.1)
    activerecord (5.2.1)
      activemodel (= 5.2.1)
      activesupport (= 5.2.1)
      arel (>= 9.0)
    activesupport (5.2.1)
      concurrent-ruby (~> 1.0, >= 1.0.2)
      i18n (>= 0.7, < 2)
      minitest (~> 5.1)
      tzinfo (~> 1.1)
    arel (9.0.0)
    bundle-audit (0.1.0)
      bundler-audit
    bundler-audit (0.6.0)
      bundler (~> 1.2)
      thor (~> 0.18)
    choice (0.2.0)
    concurrent-ruby (1.0.5)
    docile (1.3.1)
    erubis (2.7.0)
    flay (2.12.0)
      erubis (~> 2.7.0)
      path_expander (~> 1.0)
      ruby_parser (~> 3.0)
      sexp_processor (~> 4.0)
    i18n (1.1.0)
      concurrent-ruby (~> 1.0)
    json (2.1.0)
    license_finder (5.4.1)
      bundler
      rubyzip
      thor
      toml (= 0.2.0)
      with_env (= 1.1.0)
      xml-simple
    micro-optparse (1.2.1)
    minitest (5.11.3)
    parslet (1.8.2)
    path_expander (1.0.3)
    rails-erd (1.5.2)
      activerecord (>= 3.2)
      activesupport (>= 3.2)
      choice (~> 0.2.0)
      ruby-graphviz (~> 1.2)
    rake (12.3.1)
    ruby-graphviz (1.2.3)
    ruby_parser (3.11.0)
      sexp_processor (~> 4.9)
    rubyzip (1.2.2)
    sexp_processor (4.11.0)
    simplecov (0.16.1)
      docile (~> 1.1)
      json (>= 1.8, < 3)
      simplecov-html (~> 0.10.0)
    simplecov-html (0.10.2)
    slim (4.0.1)
      temple (>= 0.7.6, < 0.9)
      tilt (>= 2.0.6, < 2.1)
    temple (0.8.0)
    thor (0.20.0)
    thread_safe (0.3.6)
    tilt (2.0.8)
    toml (0.2.0)
      parslet (~> 1.8.0)
    tzinfo (1.2.5)
      thread_safe (~> 0.1)
    with_env (1.1.0)
    xml-simple (1.1.5)

PLATFORMS
  ruby

DEPENDENCIES
  bundle-audit
  bundler
  doit!
  flay
  license_finder
  minitest
  rails-erd
  rake
  simplecov
  slim

BUNDLED WITH
   1.16.1
