PATH
  remote: .
  specs:
    doit (0.2.7)
      micro-optparse (~> 1)

GEM
  remote: https://rubygems.org/
  specs:
    docile (1.1.5)
    micro-optparse (1.2.0)
    multi_json (1.11.0)
    rake (10.4.2)
    simplecov (0.9.2)
      docile (~> 1.1.0)
      multi_json (~> 1.0)
      simplecov-html (~> 0.9.0)
    simplecov-html (0.9.0)
    watchr (0.7)

PLATFORMS
  ruby

DEPENDENCIES
  doit!
  micro-optparse
  rake
  simplecov
  watchr
