PATH
  remote: .
  specs:
    doit (0.3.8)
      micro-optparse (~> 1)

GEM
  remote: https://rubygems.org/
  specs:
    docile (1.3.2)
    micro-optparse (1.2.1)
    minitest (5.14.0)
    rake (13.0.1)
    simplecov (0.18.5)
      docile (~> 1.1)
      simplecov-html (~> 0.11)
    simplecov-html (0.12.1)

PLATFORMS
  ruby

DEPENDENCIES
  bundler
  doit!
  micro-optparse (~> 1)
  minitest
  rake
  simplecov

BUNDLED WITH
   2.1.4
