PATH
  remote: .
  specs:
    doit (0.3.0)
      micro-optparse (~> 1)

GEM
  remote: https://rubygems.org/
  specs:
    docile (1.1.5)
    json (1.8.3)
    micro-optparse (1.2.0)
    minitest (5.8.4)
    observr (1.0.5)
    rake (10.5.0)
    simplecov (0.11.1)
      docile (~> 1.1.0)
      json (~> 1.8)
      simplecov-html (~> 0.10.0)
    simplecov-html (0.10.0)

PLATFORMS
  ruby

DEPENDENCIES
  doit!
  micro-optparse
  minitest
  observr
  rake
  simplecov
