PATH
  remote: .
  specs:
    doit (0.2.7)
      micro-optparse (~> 1)

GEM
  remote: https://rubygems.org/
  specs:
    docile (1.1.5)
    json (1.8.3)
    micro-optparse (1.2.0)
    rake (10.4.2)
    simplecov (0.11.1)
      docile (~> 1.1.0)
      json (~> 1.8)
      simplecov-html (~> 0.10.0)
    simplecov-html (0.10.0)
    watchr (0.7)

PLATFORMS
  ruby

DEPENDENCIES
  doit!
  micro-optparse
  rake
  simplecov
  watchr
