PATH
  remote: .
  specs:
    doit (0.3.5)
      micro-optparse (~> 1)

GEM
  remote: https://rubygems.org/
  specs:
    docile (1.3.1)
    json (2.2.0)
    license_finder (5.7.0)
      bundler
      rubyzip
      thor
      toml (= 0.2.0)
      with_env (= 1.1.0)
      xml-simple
    micro-optparse (1.2.1)
    minitest (5.11.3)
    parslet (1.8.2)
    rake (12.3.2)
    rubyzip (1.2.2)
    simplecov (0.16.1)
      docile (~> 1.1)
      json (>= 1.8, < 3)
      simplecov-html (~> 0.10.0)
    simplecov-html (0.10.2)
    thor (0.20.3)
    toml (0.2.0)
      parslet (~> 1.8.0)
    with_env (1.1.0)
    xml-simple (1.1.5)

PLATFORMS
  ruby

DEPENDENCIES
  bundler
  doit!
  license_finder
  micro-optparse (~> 1)
  minitest
  rake
  simplecov

BUNDLED WITH
   1.17.2
